GEM
  remote: https://rubygems.org/
  specs:
    activesupport (4.2.4)
      i18n (~> 0.7)
      json (~> 1.7, >= 1.7.7)
      minitest (~> 5.1)
      thread_safe (~> 0.3, >= 0.3.4)
      tzinfo (~> 1.1)
    addressable (2.3.8)
    autoparse (0.3.3)
      addressable (>= 2.3.1)
      extlib (>= 0.9.15)
      multi_json (>= 1.0.0)
    babosa (1.0.2)
    cert (1.2.7)
      fastlane_core (>= 0.26.4, < 1.0.0)
      spaceship (>= 0.15.1, < 1.0.0)
    claide (0.9.1)
    coderay (1.1.0)
    colored (1.2)
    colorize (0.7.7)
    commander (4.3.5)
      highline (~> 1.7.2)
    crack (0.4.2)
      safe_yaml (~> 1.0.0)
    credentials_manager (0.13.0)
      colored
      highline (>= 1.7.1)
      security
    deliver (1.6.4)
      credentials_manager (>= 0.12.0, < 1.0.0)
      fastimage (~> 1.6)
      fastlane_core (>= 0.26.4, < 1.0.0)
      plist (~> 3.1.0)
      spaceship (>= 0.15.0, <= 1.0.0)
    domain_name (0.5.25)
      unf (>= 0.0.5, < 1.0.0)
    dotenv (2.0.2)
    excon (0.45.4)
    extlib (0.9.16)
    fakefs (0.6.7)
    faraday (0.9.2)
      multipart-post (>= 1.2, < 3)
    faraday-cookie_jar (0.0.6)
      faraday (>= 0.7.4)
      http-cookie (~> 1.0.0)
    faraday_middleware (0.10.0)
      faraday (>= 0.7.4, < 0.10)
    fastimage (1.6.8)
      addressable (~> 2.3, >= 2.3.5)
    fastlane (1.47.0)
      addressable (~> 2.3.8)
      cert (>= 1.2.7, < 2.0.0)
      credentials_manager (>= 0.13.0, < 1.0.0)
      deliver (>= 1.6.4, < 2.0.0)
      fastlane_core (>= 0.29.0, < 1.0.0)
      frameit (>= 2.4.0, < 3.0.0)
      gym (>= 1.1.6, < 2.0.0)
      krausefx-shenzhen (>= 0.14.6)
      match (>= 0.1.0, < 1.0.0)
      pem (>= 1.1.0, < 2.0.0)
      pilot (>= 1.1.0, < 2.0.0)
      plist (~> 3.1.0)
      produce (>= 1.1.0, < 2.0.0)
      scan (>= 0.3.2, < 1.0.0)
      sigh (>= 1.2.0, < 2.0.0)
      slack-notifier (~> 1.3)
      snapshot (>= 1.4.1, < 2.0.0)
      spaceship (>= 0.16.0, < 1.0.0)
      supply (>= 0.2.2, < 1.0.0)
      terminal-notifier (~> 1.6.2)
      terminal-table (~> 1.4.5)
      xcode-install (~> 1.0.1)
      xcodeproj (>= 0.20, < 1.0.0)
      xcpretty (>= 0.2.1)
    fastlane_core (0.29.1)
      babosa
      colored
      commander (>= 4.3.5)
      credentials_manager (>= 0.11.0, < 1.0.0)
      excon (~> 0.45.0)
      highline (>= 1.7.2)
      json
      multi_json
      plist (~> 3.1)
      rubyzip (~> 1.1.6)
      sentry-raven (~> 0.15)
      terminal-table (~> 1.4.5)
    ffi (1.9.10)
    formatador (0.2.5)
    frameit (2.4.0)
      deliver (> 0.3)
      fastimage (~> 1.6.3)
      fastlane_core (>= 0.16.0, < 1.0.0)
      mini_magick (~> 4.0.2)
    google-api-client (0.8.6)
      activesupport (>= 3.2)
      addressable (~> 2.3)
      autoparse (~> 0.3)
      extlib (~> 0.9)
      faraday (~> 0.9)
      googleauth (~> 0.3)
      launchy (~> 2.4)
      multi_json (~> 1.10)
      retriable (~> 1.4)
      signet (~> 0.6)
    googleauth (0.4.2)
      faraday (~> 0.9)
      jwt (~> 1.4)
      logging (~> 2.0)
      memoist (~> 0.12)
      multi_json (~> 1.11)
      signet (~> 0.6)
    guard (2.13.0)
      formatador (>= 0.2.4)
      listen (>= 2.7, <= 4.0)
      lumberjack (~> 1.0)
      nenv (~> 0.1)
      notiffany (~> 0.0)
      pry (>= 0.9.12)
      shellany (~> 0.0)
      thor (>= 0.18.1)
    guard-bundler (2.1.0)
      bundler (~> 1.0)
      guard (~> 2.2)
      guard-compat (~> 1.1)
    guard-compat (1.2.1)
    guard-minitest (2.4.4)
      guard-compat (~> 1.2)
      minitest (>= 3.0)
    gym (1.2.0)
      fastlane_core (>= 0.25.0, < 1.0.0)
      plist
      rubyzip (>= 1.1.7)
      terminal-table
      xcpretty (>= 0.2.1)
    hashdiff (0.2.2)
    highline (1.7.8)
    http-cookie (1.0.2)
      domain_name (~> 0.5)
    httparty (0.13.7)
      json (~> 1.8)
      multi_xml (>= 0.5.2)
    i18n (0.7.0)
    json (1.8.3)
    jwt (1.5.2)
    krausefx-shenzhen (0.14.6)
      commander (~> 4.3)
      dotenv (>= 0.7)
      faraday (~> 0.9)
      faraday_middleware (~> 0.9)
      highline (>= 1.7.2)
      json (~> 1.8)
      net-sftp (~> 2.1.2)
      plist (~> 3.1.0)
      rubyzip (~> 1.1)
      security (~> 0.1.3)
      terminal-table (~> 1.4.5)
    launchy (2.4.3)
      addressable (~> 2.3)
    listen (3.0.3)
      rb-fsevent (>= 0.9.3)
      rb-inotify (>= 0.9)
    little-plugger (1.1.4)
    logging (2.0.0)
      little-plugger (~> 1.1)
      multi_json (~> 1.10)
    lumberjack (1.0.9)
    match (0.1.1)
      cert (>= 1.2.7, < 2.0.0)
      credentials_manager (>= 0.13.0, < 1.0.0)
      fastlane_core (>= 0.29.1, < 1.0.0)
      security
      sigh (>= 1.2.1, < 2.0.0)
      spaceship (>= 0.16.0, < 1.0.0)
    memoist (0.13.0)
    method_source (0.8.2)
    mini_magick (4.0.4)
    minitest (5.8.1)
    minitest-rg (5.2.0)
      minitest (~> 5.0)
    multi_json (1.11.2)
    multi_xml (0.5.5)
    multipart-post (2.0.0)
    nenv (0.2.0)
    net-sftp (2.1.2)
      net-ssh (>= 2.6.5)
    net-ssh (3.0.1)
    notiffany (0.0.8)
      nenv (~> 0.1)
      shellany (~> 0.0)
    pem (1.1.0)
      fastlane_core (>= 0.26.4, < 1.0.0)
      spaceship (>= 0.12.0, < 1.0.0)
    pilot (1.2.0)
      credentials_manager (>= 0.3.0)
      fastlane_core (>= 0.16.1, < 1.0.0)
      spaceship (>= 0.16.0, < 1.0.0)
      terminal-table (~> 1.4.5)
    plist (3.1.0)
    produce (1.1.0)
      fastlane_core (>= 0.26.6, < 1.0.0)
      spaceship (>= 0.12.0)
    pry (0.10.3)
      coderay (~> 1.1.0)
      method_source (~> 0.8.1)
      slop (~> 3.4)
    rb-fsevent (0.9.6)
    rb-inotify (0.9.5)
      ffi (>= 0.5.0)
    retriable (1.4.1)
    rouge (1.10.1)
    rubyzip (1.1.7)
    safe_yaml (1.0.4)
    scan (0.3.2)
      fastlane_core (>= 0.26.6, < 1.0.0)
      slack-notifier (~> 1.3)
      terminal-table
      xcpretty (>= 0.2.1)
      xcpretty-travis-formatter (>= 0.0.3)
    security (0.1.3)
    sentry-raven (0.15.2)
      faraday (>= 0.7.6)
    shellany (0.0.1)
    sigh (1.2.1)
      fastlane_core (>= 0.26.4, < 1.0.0)
      plist (~> 3.1)
      spaceship (>= 0.12.3)
    signet (0.7.0)
      addressable (~> 2.3)
      faraday (~> 0.9)
      jwt (~> 1.5)
      multi_json (~> 1.10)
    slack-notifier (1.5.1)
    slop (3.6.0)
    snapshot (1.4.2)
      fastimage (~> 1.6.3)
      fastlane_core (>= 0.21.0, < 1.0.0)
      plist (~> 3.1.0)
      xcpretty (>= 0.2.1)
    spaceship (0.18.0)
      colored
      credentials_manager (>= 0.9.0)
      faraday (~> 0.9)
      faraday-cookie_jar (~> 0.0.6)
      faraday_middleware (~> 0.9)
      fastimage (~> 1.6)
      multi_xml (~> 0.5)
      plist (~> 3.1)
      pry
    supply (0.2.2)
      credentials_manager (>= 0.10.0)
      fastlane_core (>= 0.19.0)
      google-api-client (~> 0.8.6)
    terminal-notifier (1.6.3)
    terminal-table (1.4.5)
    thor (0.19.1)
    thread_safe (0.3.5)
    tzinfo (1.2.2)
      thread_safe (~> 0.1)
    unf (0.1.4)
      unf_ext
    unf_ext (0.0.7.1)
    webmock (1.22.1)
      addressable (>= 2.3.6)
      crack (>= 0.3.2)
      hashdiff
    xcode-install (1.0.1)
      claide (~> 0.9.1)
      spaceship (>= 0.13.0, < 1.0.0)
    xcodeproj (0.28.2)
      activesupport (>= 3)
      claide (~> 0.9.1)
      colored (~> 1.2)
    xcpretty (0.2.1)
      rouge (~> 1.8)
    xcpretty-travis-formatter (0.0.4)
      xcpretty (~> 0.2, >= 0.0.7)

PLATFORMS
  ruby

DEPENDENCIES
  activesupport
  colorize
  dotenv
  fakefs
  fastlane
  guard
  guard-bundler
  guard-minitest
  httparty
  minitest
  minitest-rg
  pry
  webmock

BUNDLED WITH
   1.10.6
